GEM
  remote: http://rubygems.org/
  specs:
    blankslate (2.1.2.4)
    bluecloth (2.2.0)
    daemons (1.1.9)
    eventmachine (1.0.0)
    gli (2.5.3)
    json (1.7.6)
    nokogiri (1.5.6)
    parslet (1.5.0)
      blankslate (~> 2.0)
    pdfkit (0.5.2)
    rack (1.4.1)
    rack-protection (1.3.2)
      rack
    rmagick (2.13.1)
    showoff (0.7.0)
      bluecloth
      gli (>= 1.3.2)
      json
      nokogiri
      parslet
      sinatra
    sinatra (1.3.3)
      rack (~> 1.3, >= 1.3.6)
      rack-protection (~> 1.2)
      tilt (~> 1.3, >= 1.3.3)
    thin (1.5.0)
      daemons (>= 1.0.9)
      eventmachine (>= 0.12.6)
      rack (>= 1.0.0)
    tilt (1.3.3)

PLATFORMS
  ruby

DEPENDENCIES
  pdfkit
  rmagick
  showoff (~> 0.7.0)
  thin
